GIT
  remote: git://github.com/dtulibrary/findit_font.git
  revision: 0a8224e2c3df33eaeba1cfe66d25e3bb4040aaa1
  specs:
    findit_font (0.0.1)
      railties (>= 3.2)

GIT
  remote: git://github.com/dtulibrary/metastore-test_data.git
  revision: 52a2e16c856bcf1a2679a0b969f68ef8023bc5cf
  specs:
    metastore-test_data (0.0.1)
      highline
      jettywrapper
      nokogiri
      rails
      rsolr

GEM
  remote: https://rubygems.org/
  specs:
    actionmailer (4.1.8)
      actionpack (= 4.1.8)
      actionview (= 4.1.8)
      mail (~> 2.5, >= 2.5.4)
    actionpack (4.1.8)
      actionview (= 4.1.8)
      activesupport (= 4.1.8)
      rack (~> 1.5.2)
      rack-test (~> 0.6.2)
    actionview (4.1.8)
      activesupport (= 4.1.8)
      builder (~> 3.1)
      erubis (~> 2.7.0)
    activemodel (4.1.8)
      activesupport (= 4.1.8)
      builder (~> 3.1)
    activerecord (4.1.8)
      activemodel (= 4.1.8)
      activesupport (= 4.1.8)
      arel (~> 5.0.0)
    activerecord-session_store (0.1.0)
      actionpack (>= 4.0.0, < 5)
      activerecord (>= 4.0.0, < 5)
      railties (>= 4.0.0, < 5)
    activesupport (4.1.8)
      i18n (~> 0.6, >= 0.6.9)
      json (~> 1.7, >= 1.7.7)
      minitest (~> 5.1)
      thread_safe (~> 0.1)
      tzinfo (~> 1.1)
    acts-as-taggable-on (3.4.2)
      activerecord (>= 3.2, < 5)
    addressable (2.3.6)
    arel (5.0.1.20140414130214)
    autoprefixer-rails (4.0.0.1)
      execjs
    awesome_print (1.2.0)
    bibtex-ruby (4.0.4)
      latex-decode (~> 0.0)
    blacklight (5.7.2)
      bootstrap-sass (~> 3.2)
      deprecation
      kaminari (~> 0.13)
      nokogiri (~> 1.6)
      rails (>= 3.2.6, < 5)
      rsolr (~> 1.0.6)
    blacklight_range_limit (5.0.2)
      blacklight (>= 5.0.0.pre4, < 6)
      jquery-rails
      rails (>= 3.0, < 5.0)
    bootstrap-sass (3.2.0.2)
      sass (~> 3.2)
    brakeman (2.6.3)
      erubis (~> 2.6)
      fastercsv (~> 1.5)
      haml (>= 3.0, < 5.0)
      highline (~> 1.6.20)
      multi_json (~> 1.2)
      ruby2ruby (~> 2.1.1)
      ruby_parser (~> 3.5.0)
      sass (~> 3.0)
      slim (>= 1.3.6, < 3.0)
      terminal-table (~> 1.4)
    builder (3.2.2)
    byebug (3.5.1)
      columnize (~> 0.8)
      debugger-linecache (~> 1.2)
      slop (~> 3.6)
    cancancan (1.9.2)
    capistrano (2.15.5)
      highline
      net-scp (>= 1.0.0)
      net-sftp (>= 2.0.0)
      net-ssh (>= 2.0.14)
      net-ssh-gateway (>= 1.1.0)
    capybara (2.4.4)
      mime-types (>= 1.16)
      nokogiri (>= 1.3.3)
      rack (>= 1.0.0)
      rack-test (>= 0.5.4)
      xpath (~> 2.0)
    childprocess (0.5.5)
      ffi (~> 1.0, >= 1.0.11)
    citeproc (1.0.1)
      namae (~> 0.8)
    citeproc-ruby (1.0.4)
      citeproc (~> 1.0)
      csl (~> 1.2)
    code_analyzer (0.4.5)
      sexp_processor
    colored (1.2)
    columnize (0.8.9)
    crack (0.4.2)
      safe_yaml (~> 1.0.0)
    csl (1.2.3)
      namae (~> 0.7)
    csl-styles (1.0.1.5)
      csl (~> 1.0)
    cucumber (1.3.17)
      builder (>= 2.1.2)
      diff-lcs (>= 1.1.3)
      gherkin (~> 2.12)
      multi_json (>= 1.7.5, < 2.0)
      multi_test (>= 0.1.1)
    cucumber-rails (1.4.2)
      capybara (>= 1.1.2, < 3)
      cucumber (>= 1.3.8, < 2)
      mime-types (>= 1.16, < 3)
      nokogiri (~> 1.5)
      rails (>= 3, < 5)
    dalli (2.7.2)
    database_cleaner (1.3.0)
    debugger-linecache (1.2.0)
    delayed_job (4.0.4)
      activesupport (>= 3.0, < 4.2)
    delayed_job_active_record (4.0.2)
      activerecord (>= 3.0, < 4.2)
      delayed_job (>= 3.0, < 4.1)
    deprecation (0.1.0)
      activesupport
    diff-lcs (1.2.5)
    docile (1.1.5)
    ensure_valid_encoding (0.5.3)
    erubis (2.7.0)
    execjs (2.2.2)
    factory_girl (4.5.0)
      activesupport (>= 3.0.0)
    factory_girl_rails (4.5.0)
      factory_girl (~> 4.5.0)
      railties (>= 3.0.0)
    faraday (0.9.0)
      multipart-post (>= 1.2, < 3)
    fastercsv (1.5.5)
    feature_flipper (1.3.0)
    ffi (1.9.6)
    ffi (1.9.6-x86-mingw32)
    gherkin (2.12.2)
      multi_json (~> 1.3)
    gherkin (2.12.2-x86-mingw32)
      multi_json (~> 1.3)
    haml (4.0.5)
      tilt
    hashie (3.3.1)
    highline (1.6.21)
    hike (1.2.3)
    httparty (0.13.3)
      json (~> 1.8)
      multi_xml (>= 0.5.2)
    i18n (0.6.11)
    jettywrapper (1.8.3)
      activesupport (>= 3.0.0)
      childprocess
      i18n
      logger
    jquery-rails (2.3.0)
      railties (>= 3.0, < 5.0)
      thor (>= 0.14, < 2.0)
    json (1.8.1)
    jwt (1.0.0)
    kaminari (0.16.1)
      actionpack (>= 3.0.0)
      activesupport (>= 3.0.0)
    latex-decode (0.1.1)
      unicode (~> 0.4)
    launchy (2.4.3)
      addressable (~> 2.3)
    libv8 (3.16.14.7)
    lisbn (0.2.1)
      nokogiri
      nori (~> 2.0)
    logger (1.2.8)
    mail (2.6.3)
      mime-types (>= 1.16, < 3)
    marc (0.8.2)
      ensure_valid_encoding
      scrub_rb (>= 1.0.1, < 2)
      unf
    mime-types (2.4.3)
    mini_portile (0.6.1)
    minitest (5.4.3)
    multi_json (1.10.1)
    multi_test (0.1.1)
    multi_xml (0.5.5)
    multipart-post (2.0.0)
    namae (0.9.2)
    net-scp (1.2.1)
      net-ssh (>= 2.6.5)
    net-sftp (2.1.2)
      net-ssh (>= 2.6.5)
    net-ssh (2.9.1)
    net-ssh-gateway (1.2.0)
      net-ssh (>= 2.6.5)
    netaddr (1.5.0)
    nokogiri (1.6.4.1)
      mini_portile (~> 0.6.0)
    nokogiri (1.6.4.1-x86-mingw32)
      mini_portile (~> 0.6.0)
    nori (2.4.0)
    oauth2 (1.0.0)
      faraday (>= 0.8, < 0.10)
      jwt (~> 1.0)
      multi_json (~> 1.3)
      multi_xml (~> 0.5)
      rack (~> 1.2)
    omniauth (1.2.2)
      hashie (>= 1.2, < 4)
      rack (~> 1.0)
    omniauth-cas (1.1.0)
      addressable (~> 2.3)
      nokogiri (~> 1.5)
      omniauth (~> 1.2.0)
    omniauth-mendeley_oauth2 (1.0.1)
      multi_json
      omniauth (~> 1.0)
      omniauth-oauth2 (~> 1.1)
    omniauth-oauth2 (1.2.0)
      faraday (>= 0.8, < 0.10)
      multi_json (~> 1.3)
      oauth2 (~> 1.0)
      omniauth (~> 1.2)
    openurl (1.0.0)
      marc
      scrub_rb (~> 1.0)
    paint (0.8.7)
    pg (0.17.1)
    pg (0.17.1-x86-mingw32)
    puma (2.9.2)
      rack (>= 1.1, < 2.0)
    quiet_assets (1.0.3)
      railties (>= 3.1, < 5.0)
    rack (1.5.2)
    rack-test (0.6.2)
      rack (>= 1.0)
    rack-utf8_sanitizer (1.1.0)
      rack (~> 1.0)
    rails (4.1.8)
      actionmailer (= 4.1.8)
      actionpack (= 4.1.8)
      actionview (= 4.1.8)
      activemodel (= 4.1.8)
      activerecord (= 4.1.8)
      activesupport (= 4.1.8)
      bundler (>= 1.3.0, < 2.0)
      railties (= 4.1.8)
      sprockets-rails (~> 2.0)
    rails-footnotes (4.1.4)
      rails (>= 3.2)
    rails_best_practices (1.15.4)
      activesupport
      awesome_print
      code_analyzer (>= 0.4.3)
      colored
      erubis
      i18n
      json
      require_all
      ruby-progressbar
    rails_view_annotator (0.0.7)
    railties (4.1.8)
      actionpack (= 4.1.8)
      activesupport (= 4.1.8)
      rake (>= 0.8.7)
      thor (>= 0.18.1, < 2.0)
    rake (10.3.2)
    ref (1.0.5)
    require_all (1.3.2)
    rsolr (1.0.10)
      builder (>= 2.1.2)
    rspec-core (3.1.7)
      rspec-support (~> 3.1.0)
    rspec-expectations (3.1.2)
      diff-lcs (>= 1.2.0, < 2.0)
      rspec-support (~> 3.1.0)
    rspec-mocks (3.1.3)
      rspec-support (~> 3.1.0)
    rspec-rails (3.1.0)
      actionpack (>= 3.0)
      activesupport (>= 3.0)
      railties (>= 3.0)
      rspec-core (~> 3.1.0)
      rspec-expectations (~> 3.1.0)
      rspec-mocks (~> 3.1.0)
      rspec-support (~> 3.1.0)
    rspec-support (3.1.2)
    ruby-progressbar (1.7.0)
    ruby2ruby (2.1.3)
      ruby_parser (~> 3.1)
      sexp_processor (~> 4.0)
    ruby_parser (3.5.0)
      sexp_processor (~> 4.1)
    rvm-capistrano (1.2.7)
      capistrano (>= 2.0.0)
    safe_yaml (1.0.4)
    sass (3.2.19)
    sass-rails (4.0.4)
      railties (>= 4.0.0, < 5.0)
      sass (~> 3.2.2)
      sprockets (~> 2.8, < 2.12)
      sprockets-rails (~> 2.0)
    scrub_rb (1.0.1)
    sexp_processor (4.4.4)
    simplecov (0.9.1)
      docile (~> 1.1.0)
      multi_json (~> 1.0)
      simplecov-html (~> 0.8.0)
    simplecov-html (0.8.0)
    simplecov-rcov (0.2.3)
      simplecov (>= 0.4.1)
    slim (2.1.0)
      temple (~> 0.6.9)
      tilt (>= 1.3.3, < 2.1)
    slop (3.6.0)
    sprockets (2.11.3)
      hike (~> 1.2)
      multi_json (~> 1.0)
      rack (~> 1.0)
      tilt (~> 1.1, != 1.3.0)
    sprockets-rails (2.2.0)
      actionpack (>= 3.0)
      activesupport (>= 3.0)
      sprockets (>= 2.8, < 4.0)
    sqlite3 (1.3.10)
    sqlite3 (1.3.10-x86-mingw32)
    temple (0.6.10)
    terminal-table (1.4.5)
    therubyracer (0.12.1)
      libv8 (~> 3.16.14.0)
      ref
    thor (0.19.1)
    thread_safe (0.3.4)
    tilt (1.4.1)
    tzinfo (1.2.2)
      thread_safe (~> 0.1)
    uglifier (2.5.3)
      execjs (>= 0.3.0)
      json (>= 1.8.0)
    unf (0.1.4)
      unf_ext
    unf_ext (0.0.6)
    unf_ext (0.0.6-x86-mingw32)
    unhappymapper (0.5.0)
      nokogiri (~> 1.4)
    unicode (0.4.4.1)
    unicode (0.4.4.1-x86-mingw32)
    uuidtools (2.1.5)
    webmock (1.20.4)
      addressable (>= 2.3.6)
      crack (>= 0.3.2)
    xpath (2.0.0)
      nokogiri (~> 1.3)

PLATFORMS
  ruby
  x86-mingw32

DEPENDENCIES
  activerecord-session_store
  acts-as-taggable-on
  autoprefixer-rails
  bibtex-ruby
  blacklight (~> 5.7)
  blacklight_range_limit
  bootstrap-sass (~> 3.2.0)
  brakeman
  byebug
  cancancan
  capistrano (~> 2.15)
  capybara
  citeproc-ruby
  csl-styles
  cucumber-rails
  dalli
  database_cleaner
  delayed_job_active_record
  eventmachine (~> 1.0.0.rc4)
  factory_girl_rails (~> 4.0)
  feature_flipper
  findit_font!
  hashie
  httparty
  jettywrapper
  jquery-rails (~> 2.3.0)
  kaminari
  launchy
  lisbn
  metastore-test_data!
  netaddr
  omniauth
  omniauth-cas
  omniauth-mendeley_oauth2
  openurl
  paint
  pg
  puma
  quiet_assets
  rack-utf8_sanitizer (~> 1.1.0)
  rails (~> 4.1.0)
  rails-footnotes
  rails_best_practices
  rails_view_annotator (= 0.0.7)
  rspec-rails
  rvm-capistrano (~> 1.2.5)
  sass
  sass-rails
  simplecov
  simplecov-html
  simplecov-rcov
  sqlite3
  therubyracer
  uglifier (>= 1.0.3)
  unhappymapper
  unicode
  uuidtools
  webmock
